GEM
  remote: https://rubygems.org/
  specs:
    atk (2.2.3)
      glib2 (= 2.2.3)
    cairo (1.14.0)
      pkg-config (>= 1.1.5)
    coderay (1.1.0)
    faraday (0.9.0)
      multipart-post (>= 1.2, < 3)
    gdk_pixbuf2 (2.2.3)
      glib2 (= 2.2.3)
    gettext (3.1.4)
      locale (>= 2.0.5)
      text
    glib2 (2.2.3)
      pkg-config
    gtk2 (2.2.3)
      atk (= 2.2.3)
      gdk_pixbuf2 (= 2.2.3)
      pango (= 2.2.3)
    hikidoc (0.1.0)
    kramdown (1.5.0)
    locale (2.1.0)
    method_source (0.8.2)
    mini_portile (0.6.1)
    multipart-post (2.0.0)
    nokogiri (1.6.5)
      mini_portile (~> 0.6.0)
    pango (2.2.3)
      cairo (>= 1.12.5)
      glib2 (= 2.2.3)
    pkg-config (1.1.6)
    poppler (2.2.3)
      cairo (>= 1.12.8)
      gdk_pixbuf2 (= 2.2.3)
    pry (0.10.1)
      coderay (~> 1.1.0)
      method_source (~> 0.8.1)
      slop (~> 3.4)
    rabbit (2.1.3)
      coderay (>= 1.0.0)
      faraday
      gettext (>= 3.0.1)
      gtk2
      hikidoc
      kramdown
      nokogiri
      poppler
      rdtool
      rsvg2
      rttool
    rake (10.4.2)
    rdtool (0.6.38)
    rsvg2 (2.2.3)
      cairo (>= 1.12.8)
      gdk_pixbuf2 (= 2.2.3)
    rttool (1.0.3.0)
    slop (3.6.0)
    text (1.3.0)

PLATFORMS
  ruby

DEPENDENCIES
  pry (>= 0.10.1)
  rabbit (>= 2.1.3)
  rake (>= 10.4.2)
